GIT
  remote: https://github.com/Energy-Sparks/roo.git
  revision: 058a8e3d1c711c04c59a686805bbe1962d2b2ed1
  branch: bug-fix-branch
  specs:
    roo (2.10.0)
      nokogiri (~> 1)
      rubyzip (>= 1.3.0, < 3.0.0)

GEM
  remote: https://rubygems.org/
  specs:
    ast (2.4.3)
    aws-eventstream (1.3.2)
    aws-partitions (1.1071.0)
    aws-sdk-core (3.220.2)
      aws-eventstream (~> 1, >= 1.3.0)
      aws-partitions (~> 1, >= 1.992.0)
      aws-sigv4 (~> 1.9)
      base64
      jmespath (~> 1, >= 1.6.1)
    aws-sdk-kms (1.99.0)
      aws-sdk-core (~> 3, >= 3.216.0)
      aws-sigv4 (~> 1.5)
    aws-sdk-s3 (1.182.0)
      aws-sdk-core (~> 3, >= 3.216.0)
      aws-sdk-kms (~> 1)
      aws-sigv4 (~> 1.5)
    aws-sigv4 (1.11.0)
      aws-eventstream (~> 1, >= 1.0.2)
    base64 (0.2.0)
    bigdecimal (3.1.9)
    bundler-audit (0.9.2)
      bundler (>= 1.2.0, < 3)
      thor (~> 1.0)
    childprocess (5.1.0)
      logger (~> 1.5)
    coderay (1.1.3)
    date (3.4.1)
    diff-lcs (1.6.0)
    faraday (2.12.2)
      faraday-net_http (>= 2.0, < 3.5)
      json
      logger
    faraday-net_http (3.4.0)
      net-http (>= 0.5.0)
    fasterer (0.11.0)
      ruby_parser (>= 3.19.1)
    ffi (1.17.1)
    ffi (1.17.1-x86_64-linux-gnu)
    formatador (1.1.0)
    guard (2.19.1)
      formatador (>= 0.2.4)
      listen (>= 2.7, < 4.0)
      logger (~> 1.6)
      lumberjack (>= 1.0.12, < 2.0)
      nenv (~> 0.1)
      notiffany (~> 0.0)
      ostruct (~> 0.6)
      pry (>= 0.13.0)
      shellany (~> 0.0)
      thor (>= 0.18.1)
    guard-compat (1.2.1)
    guard-rspec (4.7.3)
      guard (~> 2.1)
      guard-compat (~> 1.1)
      rspec (>= 2.99.0, < 4.0)
    iniparse (1.5.0)
    jmespath (1.6.2)
    json (2.10.2)
    language_server-protocol (3.17.0.4)
    lint_roller (1.1.0)
    listen (3.9.0)
      rb-fsevent (~> 0.10, >= 0.10.3)
      rb-inotify (~> 0.9, >= 0.9.10)
    logger (1.6.6)
    lumberjack (1.2.10)
    mail (2.8.1)
      mini_mime (>= 0.1.1)
      net-imap
      net-pop
      net-smtp
    method_source (1.1.0)
    mini_mime (1.1.5)
    mini_portile2 (2.8.8)
    nenv (0.3.0)
    net-http (0.6.0)
      uri
    net-imap (0.5.6)
      date
      net-protocol
    net-pop (0.1.2)
      net-protocol
    net-protocol (0.2.2)
      timeout
    net-smtp (0.5.1)
      net-protocol
    nokogiri (1.18.5)
      mini_portile2 (~> 2.8.2)
      racc (~> 1.4)
    nokogiri (1.18.5-x86_64-linux-gnu)
      racc (~> 1.4)
    notiffany (0.1.3)
      nenv (~> 0.1)
      shellany (~> 0.0)
    ostruct (0.6.1)
    overcommit (0.67.1)
      childprocess (>= 0.6.3, < 6)
      iniparse (~> 1.4)
      rexml (>= 3.3.9)
    parallel (1.26.3)
    parser (3.3.7.2)
      ast (~> 2.4.1)
      racc
    pry (0.15.2)
      coderay (~> 1.1)
      method_source (~> 1.0)
    racc (1.8.1)
    rainbow (3.1.1)
    rb-fsevent (0.11.2)
    rb-inotify (0.11.1)
      ffi (~> 1.0)
    regexp_parser (2.10.0)
    rexml (3.4.1)
    rollbar (3.6.1)
    roo-xls (1.2.0)
      nokogiri
      roo (>= 2.0.0, < 3)
      spreadsheet (> 0.9.0)
    rspec (3.13.0)
      rspec-core (~> 3.13.0)
      rspec-expectations (~> 3.13.0)
      rspec-mocks (~> 3.13.0)
    rspec-core (3.13.3)
      rspec-support (~> 3.13.0)
    rspec-expectations (3.13.3)
      diff-lcs (>= 1.2.0, < 2.0)
      rspec-support (~> 3.13.0)
    rspec-mocks (3.13.2)
      diff-lcs (>= 1.2.0, < 2.0)
      rspec-support (~> 3.13.0)
    rspec-support (3.13.2)
    rubocop (1.74.0)
      json (~> 2.3)
      language_server-protocol (~> 3.17.0.2)
      lint_roller (~> 1.1.0)
      parallel (~> 1.10)
      parser (>= 3.3.0.2)
      rainbow (>= 2.2.2, < 4.0)
      regexp_parser (>= 2.9.3, < 3.0)
      rubocop-ast (>= 1.38.0, < 2.0)
      ruby-progressbar (~> 1.7)
      unicode-display_width (>= 2.4.0, < 4.0)
    rubocop-ast (1.41.0)
      parser (>= 3.3.7.2)
    rubocop-rspec (3.5.0)
      lint_roller (~> 1.1)
      rubocop (~> 1.72, >= 1.72.1)
    ruby-ole (1.2.13.1)
    ruby-progressbar (1.13.0)
    ruby_parser (3.21.1)
      racc (~> 1.5)
      sexp_processor (~> 4.16)
    rubyzip (2.4.1)
    sexp_processor (4.17.3)
    shellany (0.0.1)
    spreadsheet (1.3.3)
      bigdecimal
      ruby-ole
    thor (1.3.2)
    timeout (0.4.3)
    unicode-display_width (3.1.4)
      unicode-emoji (~> 4.0, >= 4.0.4)
    unicode-emoji (4.0.4)
    uri (1.0.3)

PLATFORMS
  ruby
  x86_64-linux

DEPENDENCIES
  aws-sdk-s3
  bundler-audit
  faraday
  fasterer
  guard-rspec
  mail
  overcommit
  rollbar
  roo!
  roo-xls
  rspec
  rubocop-rspec
  rubyzip

BUNDLED WITH
   2.6.6
